GEM
  remote: http://rubygems.org/
  specs:
    charlock_holmes (0.7.3)
    diff-lcs (1.2.5)
    foreman (0.82.0)
      thor (~> 0.19.1)
    github-markup (1.4.0)
    gitlab-grit (2.8.1)
      charlock_holmes (~> 0.6)
      diff-lcs (~> 1.1)
      mime-types (>= 1.16, < 3)
      posix-spawn (~> 0.3)
    gollum (4.0.1)
      gollum-lib (~> 4.0, >= 4.0.1)
      kramdown (~> 1.8.0)
      mustache (>= 0.99.5, < 1.0.0)
      sinatra (~> 1.4, >= 1.4.4)
      useragent (~> 0.14.0)
    gollum-grit_adapter (1.0.1)
      gitlab-grit (~> 2.7, >= 2.7.1)
    gollum-lib (4.2.1)
      github-markup (~> 1.4.0)
      gollum-grit_adapter (~> 1.0)
      nokogiri (~> 1.6.4)
      rouge (~> 2.0)
      sanitize (~> 2.1.0)
      stringex (~> 2.5.1)
    kgio (2.10.0)
    kramdown (1.8.0)
    mime-types (2.99.3)
    mini_portile2 (2.1.0)
    mustache (0.99.8)
    nokogiri (1.6.8.1)
      mini_portile2 (~> 2.1.0)
    posix-spawn (0.3.11)
    rack (1.6.4)
    rack-protection (1.5.3)
      rack
    raindrops (0.17.0)
    rouge (2.0.6)
    sanitize (2.1.0)
      nokogiri (>= 1.4.4)
    sinatra (1.4.7)
      rack (~> 1.5)
      rack-protection (~> 1.4)
      tilt (>= 1.3, < 3)
    stringex (2.5.2)
    thor (0.19.1)
    tilt (2.0.5)
    unicorn (5.1.0)
      kgio (~> 2.6)
      raindrops (~> 0.7)
    useragent (0.14.0)

PLATFORMS
  ruby

DEPENDENCIES
  foreman
  gollum
  unicorn

BUNDLED WITH
   1.13.6
